GEM
  remote: https://rubygems.org/
  specs:
    catpix (0.1.1)
      docopt (~> 0.5, >= 0.5.0)
      rmagick (~> 2.15, >= 2.15.2)
      ruby-terminfo (~> 0.1, >= 0.1.1)
      tco (~> 0.1, >= 0.1.6)
    docopt (0.5.0)
    httparty (0.13.5)
      json (~> 1.8)
      multi_xml (>= 0.5.2)
    json (1.8.3)
    multi_xml (0.5.5)
    rmagick (2.15.2)
    ruby-terminfo (0.1.1)
    tco (0.1.6)

PLATFORMS
  ruby

DEPENDENCIES
  catpix
  httparty
  rmagick
  tco

BUNDLED WITH
   1.10.2
